GEM
  remote: https://rubygems.org/
  specs:
    artii (2.1.2)
    equatable (0.6.1)
    necromancer (0.5.0)
    pastel (0.7.3)
      equatable (~> 0.6)
      tty-color (~> 0.5)
    titleize (1.4.1)
    tty-color (0.5.0)
    tty-cursor (0.7.0)
    tty-prompt (0.19.0)
      necromancer (~> 0.5.0)
      pastel (~> 0.7.0)
      tty-reader (~> 0.6.0)
    tty-reader (0.6.0)
      tty-cursor (~> 0.7)
      tty-screen (~> 0.7)
      wisper (~> 2.0.0)
    tty-screen (0.7.0)
    wisper (2.0.0)
    zip (2.0.2)

PLATFORMS
  ruby

DEPENDENCIES
  artii
  titleize
  tty-prompt
  zip

BUNDLED WITH
   2.0.2
